GEM
  remote: https://rubygems.org/
  specs:
    decisiontree (0.5.0)

PLATFORMS
  x64-mingw32

DEPENDENCIES
  decisiontree

BUNDLED WITH
   2.1.4
